GEM
  remote: https://rubygems.org/
  specs:
    aws-eventstream (1.0.2)
    aws-partitions (1.144.0)
    aws-sdk-core (3.47.0)
      aws-eventstream (~> 1.0, >= 1.0.2)
      aws-partitions (~> 1.0)
      aws-sigv4 (~> 1.1)
      http-2 (~> 0.10)
      jmespath (~> 1.0)
    aws-sigv4 (1.1.0)
      aws-eventstream (~> 1.0, >= 1.0.2)
    connection_pool (2.2.2)
    faraday (0.15.4)
      multipart-post (>= 1.2, < 3)
    faraday_middleware-aws-sigv4 (0.2.4)
      aws-sigv4 (~> 1.0)
      faraday (>= 0.9)
    http-2 (0.10.1)
    jmespath (1.4.0)
    multipart-post (2.0.0)
    net-http-persistent (3.0.0)
      connection_pool (~> 2.2)
    rack (2.1.4)

PLATFORMS
  ruby

DEPENDENCIES
  aws-sdk-core
  faraday
  faraday_middleware-aws-sigv4
  net-http-persistent
  rack

BUNDLED WITH
   1.17.1
